GEM
  remote: https://rubygems.org/
  specs:
    rack (1.6.13)

PLATFORMS
  ruby

DEPENDENCIES
  rack (= 1.6.13)

RUBY VERSION
   ruby 2.5.7p206

BUNDLED WITH
   1.17.3
